PATH
  remote: .
  specs:
    simple-bootstrap-forms (0.2.0)

GEM
  remote: https://rubygems.org/
  specs:

PLATFORMS
  ruby

DEPENDENCIES
  bundler (~> 2.0)
  simple-bootstrap-forms!

BUNDLED WITH
   2.0.2
